GEM
  remote: http://rubygems.org/
  specs:
    actionmailer (3.1.2.rc2)
      actionpack (= 3.1.2.rc2)
      mail (~> 2.3.0)
    actionpack (3.1.2.rc2)
      activemodel (= 3.1.2.rc2)
      activesupport (= 3.1.2.rc2)
      builder (~> 3.0.0)
      erubis (~> 2.7.0)
      i18n (~> 0.6)
      rack (~> 1.3.5)
      rack-cache (~> 1.1)
      rack-mount (~> 0.8.2)
      rack-test (~> 0.6.1)
      sprockets (~> 2.1.0)
    activemodel (3.1.2.rc2)
      activesupport (= 3.1.2.rc2)
      builder (~> 3.0.0)
      i18n (~> 0.6)
    activerecord (3.1.2.rc2)
      activemodel (= 3.1.2.rc2)
      activesupport (= 3.1.2.rc2)
      arel (~> 2.2.1)
      tzinfo (~> 0.3.29)
    activeresource (3.1.2.rc2)
      activemodel (= 3.1.2.rc2)
      activesupport (= 3.1.2.rc2)
    activesupport (3.1.2.rc2)
      multi_json (~> 1.0)
    annotate (2.4.0)
    arel (2.2.1)
    awesome_nested_set (2.1.2)
      activerecord (>= 3.0.0)
    bcrypt-ruby (3.0.1)
    builder (3.0.0)
    capybara (1.1.2)
      mime-types (>= 1.16)
      nokogiri (>= 1.3.3)
      rack (>= 1.0.0)
      rack-test (>= 0.5.4)
      selenium-webdriver (~> 2.0)
      xpath (~> 0.1.4)
    childprocess (0.2.3)
      ffi (~> 1.0.6)
    cucumber (1.1.3)
      builder (>= 2.1.2)
      diff-lcs (>= 1.1.2)
      gherkin (~> 2.6.7)
      json (>= 1.4.6)
      term-ansicolor (>= 1.0.6)
    diff-lcs (1.1.2)
    erubis (2.7.0)
    factory_girl (1.3.3)
    factory_girl_rails (1.0)
      factory_girl (~> 1.3)
      rails (>= 3.0.0.beta4)
    faker (0.3.1)
    ffi (1.0.11)
    gherkin (2.6.9)
      json (>= 1.4.6)
    gravatar_image_tag (1.0.0.pre2)
    hike (1.2.1)
    i18n (0.6.0)
    json (1.6.3)
    mail (2.3.0)
      i18n (>= 0.4.0)
      mime-types (~> 1.16)
      treetop (~> 1.4.8)
    mime-types (1.17.2)
    multi_json (1.0.4)
    nokogiri (1.4.4)
    polyglot (0.3.3)
    rack (1.3.5)
    rack-cache (1.1)
      rack (>= 0.4)
    rack-mount (0.8.3)
      rack (>= 1.0.0)
    rack-ssl (1.3.2)
      rack
    rack-test (0.6.1)
      rack (>= 1.0)
    railroad (0.5.0)
    railroady (1.0.7)
    rails (3.1.2.rc2)
      actionmailer (= 3.1.2.rc2)
      actionpack (= 3.1.2.rc2)
      activerecord (= 3.1.2.rc2)
      activeresource (= 3.1.2.rc2)
      activesupport (= 3.1.2.rc2)
      bundler (~> 1.0)
      railties (= 3.1.2.rc2)
    rails-erd (0.4.5)
      activerecord (~> 3.0)
      activesupport (~> 3.0)
      ruby-graphviz (~> 0.9.18)
    railties (3.1.2.rc2)
      actionpack (= 3.1.2.rc2)
      activesupport (= 3.1.2.rc2)
      rack-ssl (~> 1.3.2)
      rake (>= 0.8.7)
      rdoc (~> 3.4)
      thor (~> 0.14.6)
    rake (0.9.2.2)
    rdoc (3.12)
      json (~> 1.4)
    rspec (2.6.0)
      rspec-core (~> 2.6.0)
      rspec-expectations (~> 2.6.0)
      rspec-mocks (~> 2.6.0)
    rspec-core (2.6.4)
    rspec-expectations (2.6.0)
      diff-lcs (~> 1.1.2)
    rspec-mocks (2.6.0)
    rspec-rails (2.6.1)
      actionpack (~> 3.0)
      activesupport (~> 3.0)
      railties (~> 3.0)
      rspec (~> 2.6.0)
    ruby-graphviz (0.9.21)
    rubyzip (0.9.5)
    selenium-webdriver (2.15.0)
      childprocess (>= 0.2.1)
      ffi (~> 1.0.9)
      multi_json (~> 1.0.4)
      rubyzip
    spork (0.9.0.rc8)
    sprockets (2.1.2)
      hike (~> 1.2)
      rack (~> 1.0)
      tilt (~> 1.1, != 1.3.0)
    sqlite3 (1.3.4)
    term-ansicolor (1.0.7)
    thor (0.14.6)
    tilt (1.3.3)
    treetop (1.4.10)
      polyglot
      polyglot (>= 0.3.1)
    tzinfo (0.3.31)
    webrat (0.7.1)
      nokogiri (>= 1.2.0)
      rack (>= 1.0)
      rack-test (>= 0.5.3)
    will_paginate (3.0.2)
    xpath (0.1.4)
      nokogiri (~> 1.3)

PLATFORMS
  ruby

DEPENDENCIES
  annotate (= 2.4.0)
  awesome_nested_set
  bcrypt-ruby
  capybara
  cucumber (= 1.1.3)
  factory_girl_rails (= 1.0)
  faker (= 0.3.1)
  gravatar_image_tag (= 1.0.0.pre2)
  railroad
  railroady
  rails (= 3.1.2.rc2)
  rails-erd
  rspec-expectations (= 2.6.0)
  rspec-rails
  spork (= 0.9.0.rc8)
  sqlite3 (= 1.3.4)
  webrat (= 0.7.1)
  will_paginate (~> 3.0.2)
